GIT
  remote: git://github.com/harai/kaminari.git
  revision: 384fcb5d11b66a0cc8fad030104bf80f82616355
  branch: route_prefix_prototype
  specs:
    kaminari (0.14.1)
      actionpack (>= 3.0.0)
      activesupport (>= 3.0.0)

GEM
  remote: https://rubygems.org/
  specs:
    actionmailer (4.0.2)
      actionpack (= 4.0.2)
      mail (~> 2.5.4)
    actionpack (4.0.2)
      activesupport (= 4.0.2)
      builder (~> 3.1.0)
      erubis (~> 2.7.0)
      rack (~> 1.5.2)
      rack-test (~> 0.6.2)
    active-fedora (6.7.1)
      activesupport (>= 3.0.0)
      deprecation
      mediashelf-loggable
      nom-xml (>= 0.5.1)
      om (~> 3.0.0)
      rdf
      rdf-rdfxml (= 1.0.1)
      rsolr
      rubydora (~> 1.6, >= 1.6.5)
    activemodel (4.0.2)
      activesupport (= 4.0.2)
      builder (~> 3.1.0)
    activerecord (4.0.2)
      activemodel (= 4.0.2)
      activerecord-deprecated_finders (~> 1.0.2)
      activesupport (= 4.0.2)
      arel (~> 4.0.0)
    activerecord-deprecated_finders (1.0.3)
    activerecord-import (0.4.1)
      activerecord (>= 3.0)
    activeresource (4.0.0)
      activemodel (~> 4.0)
      activesupport (~> 4.0)
      rails-observers (~> 0.1.1)
    activesupport (4.0.2)
      i18n (~> 0.6, >= 0.6.4)
      minitest (~> 4.2)
      multi_json (~> 1.3)
      thread_safe (~> 0.1)
      tzinfo (~> 0.3.37)
    acts_as_follower (0.2.1)
    addressable (2.3.5)
    arel (4.0.1)
    atomic (1.1.14)
    backports (3.3.5)
    bcrypt-ruby (3.1.2)
    blacklight (4.5.0)
      bootstrap-sass (>= 2.2.0, < 2.4)
      kaminari (~> 0.13)
      marc (>= 0.4.3, < 1.1)
      nokogiri (~> 1.6)
      rails (>= 3.2.6, < 5)
      rsolr (~> 1.0.6)
      sass-rails
    blacklight_advanced_search (2.1.1)
      blacklight (~> 4.0)
      parslet
    blankslate (2.1.2.4)
    block_helpers (0.3.3)
      activesupport (>= 2.0)
    bootstrap-sass (2.2.2.0)
      sass (~> 3.2)
    bootstrap_forms (4.0.1)
    builder (3.1.4)
    cancan (1.6.10)
    capistrano (2.15.5)
      highline
      net-scp (>= 1.0.0)
      net-sftp (>= 2.0.0)
      net-ssh (>= 2.0.14)
      net-ssh-gateway (>= 1.1.0)
    capistrano-ext (1.2.1)
      capistrano (>= 1.0.0)
    capistrano-notification (0.1.1)
      capistrano
      shout-bot
      validatable
    capistrano-platform-resources (0.1.3)
      capistrano (< 3)
    capistrano-rbenv (1.0.5)
      capistrano (< 3)
      capistrano-platform-resources (>= 0.1.3)
    capybara (2.2.0)
      mime-types (>= 1.16)
      nokogiri (>= 1.3.3)
      rack (>= 1.0.0)
      rack-test (>= 0.5.4)
      xpath (~> 2.0)
    carrierwave (0.9.0)
      activemodel (>= 3.2.0)
      activesupport (>= 3.2.0)
      json (>= 1.7)
    childprocess (0.3.9)
      ffi (~> 1.0, >= 1.0.11)
    chronic (0.10.2)
    clamav (0.4.1)
    cliver (0.3.2)
    coffee-rails (4.0.1)
      coffee-script (>= 2.2.0)
      railties (>= 4.0.0, < 5.0)
    coffee-script (2.2.0)
      coffee-script-source
      execjs
    coffee-script-source (1.6.3)
    columnize (0.3.6)
    cucumber (1.3.10)
      builder (>= 2.1.2)
      diff-lcs (>= 1.1.3)
      gherkin (~> 2.12)
      multi_json (>= 1.7.5, < 2.0)
      multi_test (>= 0.0.2)
    cucumber-rails (1.4.0)
      capybara (>= 1.1.2)
      cucumber (>= 1.2.0)
      nokogiri (>= 1.5.0)
      rails (>= 3.0.0)
    daemons (1.1.9)
    database_cleaner (1.2.0)
    debugger (1.6.3)
      columnize (>= 0.3.1)
      debugger-linecache (~> 1.2.0)
      debugger-ruby_core_source (~> 1.2.4)
    debugger-linecache (1.2.0)
    debugger-ruby_core_source (1.2.4)
    deprecation (0.0.5)
      activesupport
    devise (3.2.2)
      bcrypt-ruby (~> 3.0)
      orm_adapter (~> 0.1)
      railties (>= 3.2.6, < 5)
      thread_safe (~> 0.1)
      warden (~> 1.2.3)
    diff-lcs (1.2.5)
    ensure_valid_encoding (0.5.3)
    equivalent-xml (0.4.0)
      nokogiri (>= 1.4.3)
    erubis (2.7.0)
    execjs (2.0.2)
    factory_girl (4.1.0)
      activesupport (>= 3.0.0)
    factory_girl_rails (4.1.0)
      factory_girl (~> 4.1.0)
      railties (>= 3.0.0)
    fastercsv (1.5.5)
    ffi (1.9.3)
    font-awesome-sass-rails (3.0.2.2)
      railties (>= 3.1.1)
      sass-rails (>= 3.1.1)
    foreigner (1.6.0)
      activerecord (>= 3.0.0)
    fuubar (1.3.2)
      rspec (>= 2.14.0, < 3.1.0)
      ruby-progressbar (~> 1.3)
    gherkin (2.12.2)
      multi_json (~> 1.3)
    highline (1.6.20)
    hike (1.2.3)
    hooks (0.3.3)
    hydra (6.1.0)
      active-fedora (~> 6.7.0)
      blacklight (~> 4.5.0)
      hydra-head (~> 6.4.0)
      jettywrapper (~> 1.5.0)
      nokogiri (~> 1.6.0)
      nom-xml (~> 0.5.1)
      om (~> 3.0.3)
      rails (>= 3.2.15, < 5.0)
      rsolr (~> 1.0.9)
      rubydora (~> 1.6.5)
      solrizer (~> 3.1.0)
    hydra-access-controls (6.4.1)
      active-fedora (~> 6.6)
      activesupport
      blacklight (~> 4.0)
      cancan
      deprecation
    hydra-batch-edit (1.1.1)
      blacklight
      hydra-collections
    hydra-collections (1.3.2)
      active-fedora (>= 6.7.0)
      blacklight
      hydra-head (~> 6.4.0)
    hydra-core (6.4.1)
      active-fedora
      blacklight (~> 4.0)
      block_helpers
      deprecation (>= 0.0.5)
      hydra-access-controls (= 6.4.1)
      jettywrapper (>= 1.4.1)
      rails (>= 3.2.3, < 5)
    hydra-derivatives (0.0.7)
      active-fedora
      activesupport (>= 3.2.13, < 5.0)
      hydra-file_characterization
      mini_magick
    hydra-editor (0.1.1)
      active-fedora (>= 6.3.0)
      bootstrap_forms
      rails (>= 3.2.13, < 5.0)
    hydra-file_characterization (0.3.1)
      activesupport (>= 3.0.0)
    hydra-head (6.4.1)
      hydra-access-controls (= 6.4.1)
      hydra-core (= 6.4.1)
      rails (>= 3.2.6)
    hydra-ldap (0.1.0)
      net-ldap
      rails
    i18n (0.6.9)
    jettywrapper (1.5.0)
      activesupport (>= 3.0.0)
      childprocess
      i18n
      logger
      mediashelf-loggable
    jquery-rails (2.1.4)
      railties (>= 3.0, < 5.0)
      thor (>= 0.14, < 2.0)
    json (1.8.1)
    kgio (2.8.1)
    launchy (2.4.2)
      addressable (~> 2.3)
    libv8 (3.16.14.3)
    logger (1.2.8)
    mail (2.5.4)
      mime-types (~> 1.16)
      treetop (~> 1.4.8)
    mail_form (1.5.0)
      actionmailer (>= 3.2, < 5)
      activemodel (>= 3.2, < 5)
    mailboxer (0.11.0)
      carrierwave (>= 0.5.8)
      foreigner (>= 0.9.1)
      rails (> 3.0.0)
    marc (0.8.1)
      ensure_valid_encoding
      unf
    mediashelf-loggable (0.4.9)
    mime-types (1.25.1)
    mini_magick (3.7.0)
      subexec (~> 0.2.1)
    mini_portile (0.5.2)
    minitest (4.7.5)
    mono_logger (1.1.0)
    multi_json (1.8.2)
    multi_test (0.0.2)
    mysql2 (0.3.14)
    nest (1.1.1)
      redis
    net-ldap (0.3.1)
    net-scp (1.1.2)
      net-ssh (>= 2.6.5)
    net-sftp (2.1.2)
      net-ssh (>= 2.6.5)
    net-ssh (2.7.0)
    net-ssh-gateway (1.2.0)
      net-ssh (>= 2.6.5)
    noid (0.6.6)
      backports
    nokogiri (1.6.1)
      mini_portile (~> 0.5.0)
    nom-xml (0.5.1)
      activesupport
      i18n
      nokogiri
    om (3.0.4)
      activemodel
      activesupport
      deprecation
      mediashelf-loggable
      nokogiri (>= 1.4.2)
      solrizer (~> 3.1.0)
    orm_adapter (0.5.0)
    parslet (1.5.0)
      blankslate (~> 2.0)
    poltergeist (1.5.0)
      capybara (~> 2.1)
      cliver (~> 0.3.1)
      multi_json (~> 1.0)
      websocket-driver (>= 0.2.0)
    polyglot (0.3.3)
    rack (1.5.2)
    rack-protection (1.5.1)
      rack
    rack-test (0.6.2)
      rack (>= 1.0)
    rails (4.0.2)
      actionmailer (= 4.0.2)
      actionpack (= 4.0.2)
      activerecord (= 4.0.2)
      activesupport (= 4.0.2)
      bundler (>= 1.3.0, < 2.0)
      railties (= 4.0.2)
      sprockets-rails (~> 2.0.0)
    rails-observers (0.1.2)
      activemodel (~> 4.0)
    rails_autolink (1.1.5)
      rails (> 3.1)
    railties (4.0.2)
      actionpack (= 4.0.2)
      activesupport (= 4.0.2)
      rake (>= 0.8.7)
      thor (>= 0.18.1, < 2.0)
    rainbow (1.1.4)
    raindrops (0.12.0)
    rake (10.1.0)
    rdf (1.1.0.1)
    rdf-rdfxml (1.0.1)
      rdf (>= 1.0)
      rdf-xsd (>= 1.0)
    rdf-xsd (1.1.0)
      rdf (>= 1.1)
    redis (3.0.6)
    redis-namespace (1.4.1)
      redis (~> 3.0.4)
    ref (1.0.5)
    resque (1.25.1)
      mono_logger (~> 1.0)
      multi_json (~> 1.0)
      redis-namespace (~> 1.2)
      sinatra (>= 0.9.2)
      vegas (~> 0.1.2)
    resque-pool (0.3.0)
      rake
      resque (~> 1.20)
      trollop (~> 1.16)
    rest-client (1.6.7)
      mime-types (>= 1.16)
    rsolr (1.0.9)
      builder (>= 2.1.2)
    rspec (2.14.1)
      rspec-core (~> 2.14.0)
      rspec-expectations (~> 2.14.0)
      rspec-mocks (~> 2.14.0)
    rspec-core (2.14.7)
    rspec-expectations (2.14.4)
      diff-lcs (>= 1.1.3, < 2.0)
    rspec-mocks (2.14.4)
    rspec-rails (2.14.0)
      actionpack (>= 3.0)
      activesupport (>= 3.0)
      railties (>= 3.0)
      rspec-core (~> 2.14.0)
      rspec-expectations (~> 2.14.0)
      rspec-mocks (~> 2.14.0)
    ruby-progressbar (1.3.2)
    rubydora (1.6.5)
      activemodel
      activesupport
      deprecation
      equivalent-xml
      fastercsv
      hooks (~> 0.3.0)
      mime-types
      nokogiri
      rest-client
    sass (3.2.12)
    sass-rails (4.0.1)
      railties (>= 4.0.0, < 5.0)
      sass (>= 3.1.10)
      sprockets-rails (~> 2.0.0)
    select2-rails (3.4.2)
      sass-rails
      thor (~> 0.14)
    shout-bot (0.0.7)
      addressable
    sinatra (1.4.4)
      rack (~> 1.4)
      rack-protection (~> 1.4)
      tilt (~> 1.3, >= 1.3.4)
    sitemap (0.3.3)
    solrizer (3.1.1)
      activesupport
      daemons
      mediashelf-loggable (~> 0.4.7)
      nokogiri
      stomp
      xml-simple
    sprockets (2.10.1)
      hike (~> 1.2)
      multi_json (~> 1.0)
      rack (~> 1.0)
      tilt (~> 1.1, != 1.3.0)
    sprockets-rails (2.0.1)
      actionpack (>= 3.0)
      activesupport (>= 3.0)
      sprockets (~> 2.8)
    sqlite3 (1.3.8)
    stomp (1.3.2)
    subexec (0.2.3)
    sufia (3.6.1)
      blacklight_advanced_search (~> 2.1.0)
      daemons (= 1.1.9)
      font-awesome-sass-rails (~> 3.0)
      hydra-batch-edit (>= 1.1.1, < 2.0.0)
      mail_form
      rails_autolink (~> 1.1.0)
      rainbow (= 1.1.4)
      sufia-models (= 3.6.1)
      yaml_db (= 0.2.3)
    sufia-models (3.6.1)
      activerecord-import
      activeresource
      acts_as_follower (>= 0.1.1, < 0.3)
      carrierwave (~> 0.9.0)
      hydra (= 6.1.0)
      hydra-derivatives (~> 0.0.5)
      mailboxer (~> 0.11.0)
      nest (~> 1.1.1)
      noid (~> 0.6.6)
      rails (> 4.0.0, < 5.0)
      resque (~> 1.23)
      resque-pool (= 0.3.0)
    therubyracer (0.12.0)
      libv8 (~> 3.16.14.0)
      ref
    thor (0.18.1)
    thread_safe (0.1.3)
      atomic
    tilt (1.4.1)
    treetop (1.4.15)
      polyglot
      polyglot (>= 0.3.1)
    trollop (1.16.2)
    tzinfo (0.3.38)
    uglifier (2.3.2)
      execjs (>= 0.3.0)
      json (>= 1.8.0)
    unf (0.1.3)
      unf_ext
    unf_ext (0.0.6)
    unicorn (4.7.0)
      kgio (~> 2.6)
      rack
      raindrops (~> 0.7)
    unicorn-rails (1.1.0)
      rack
      unicorn
    validatable (1.6.7)
    vegas (0.1.11)
      rack (>= 1.0.0)
    warden (1.2.3)
      rack (>= 1.0)
    websocket-driver (0.3.1)
    whenever (0.8.4)
      activesupport (>= 2.3.4)
      chronic (>= 0.6.3)
    xml-simple (1.1.2)
    xpath (2.0.0)
      nokogiri (~> 1.3)
    yaml_db (0.2.3)

PLATFORMS
  ruby

DEPENDENCIES
  bootstrap-sass (= 2.2.2.0)
  capistrano (= 2.15.5)
  capistrano-ext (= 1.2.1)
  capistrano-notification (= 0.1.1)
  capistrano-rbenv (= 1.0.5)
  capybara (~> 2.0)
  clamav (= 0.4.1)
  coffee-rails (= 4.0.1)
  cucumber-rails (~> 1.0)
  database_cleaner
  debugger
  devise (= 3.2.2)
  equivalent-xml (= 0.4.0)
  factory_girl_rails (~> 4.1.0)
  font-awesome-sass-rails (= 3.0.2.2)
  fuubar
  hydra-batch-edit (= 1.1.1)
  hydra-collections (= 1.3.2)
  hydra-editor (= 0.1.1)
  hydra-ldap (= 0.1.0)
  jettywrapper
  jquery-rails (= 2.1.4)
  kaminari!
  launchy
  mysql2 (= 0.3.14)
  nest (= 1.1.1)
  poltergeist
  rails (= 4.0.2)
  resque-pool (= 0.3.0)
  rspec-rails (>= 2.11.0)
  sass-rails (= 4.0.1)
  select2-rails (= 3.4.2)
  sitemap (= 0.3.3)
  sqlite3
  sufia (= 3.6.1)
  therubyracer (= 0.12.0)
  uglifier (= 2.3.2)
  unicorn-rails
  whenever (= 0.8.4)
  yaml_db (= 0.2.3)
